GEM
  remote: https://rubygems.org/
  specs:
    chunky_png (1.3.3)
    kgio (2.9.2)
    rack (1.6.13)
    rack-protection (1.5.5)
      rack
    raindrops (0.13.0)
    rqrcode-with-patches (0.5.4)
      chunky_png
    sinatra (1.4.5)
      rack (~> 1.4)
      rack-protection (~> 1.4)
      tilt (~> 1.3, >= 1.3.4)
    tilt (1.4.1)
    unicorn (4.8.3)
      kgio (~> 2.6)
      rack
      raindrops (~> 0.7)

PLATFORMS
  ruby

DEPENDENCIES
  rqrcode-with-patches
  sinatra
  unicorn
